PATH
  remote: .
  specs:
    timet (1.5.0)
      aws-sdk-s3 (~> 1.171)
      descriptive_statistics (~> 2)
      dotenv (~> 3)
      icalendar (~> 2)
      sqlite3 (~> 2, >= 1.7)
      thor (~> 1.2)
      tty-prompt (~> 0.2)

GEM
  remote: https://rubygems.org/
  specs:
    ast (2.4.2)
    aws-eventstream (1.3.0)
    aws-partitions (1.1009.0)
    aws-sdk-core (3.213.0)
      aws-eventstream (~> 1, >= 1.3.0)
      aws-partitions (~> 1, >= 1.992.0)
      aws-sigv4 (~> 1.9)
      jmespath (~> 1, >= 1.6.1)
    aws-sdk-kms (1.96.0)
      aws-sdk-core (~> 3, >= 3.210.0)
      aws-sigv4 (~> 1.5)
    aws-sdk-s3 (1.172.0)
      aws-sdk-core (~> 3, >= 3.210.0)
      aws-sdk-kms (~> 1)
      aws-sigv4 (~> 1.5)
    aws-sigv4 (1.10.1)
      aws-eventstream (~> 1, >= 1.0.2)
    base64 (0.2.0)
    csv (3.3.0)
    descriptive_statistics (2.5.1)
    diff-lcs (1.5.1)
    docile (1.4.1)
    dotenv (3.1.4)
    icalendar (2.10.3)
      ice_cube (~> 0.16)
      ostruct
    ice_cube (0.17.0)
    jmespath (1.6.2)
    json (2.8.2)
    language_server-protocol (3.17.0.3)
    ostruct (0.6.1)
    parallel (1.26.3)
    parser (3.3.6.0)
      ast (~> 2.4.1)
      racc
    pastel (0.8.0)
      tty-color (~> 0.5)
    racc (1.8.1)
    rainbow (3.1.1)
    rake (13.2.1)
    regexp_parser (2.9.2)
    rspec (3.13.0)
      rspec-core (~> 3.13.0)
      rspec-expectations (~> 3.13.0)
      rspec-mocks (~> 3.13.0)
    rspec-core (3.13.2)
      rspec-support (~> 3.13.0)
    rspec-expectations (3.13.3)
      diff-lcs (>= 1.2.0, < 2.0)
      rspec-support (~> 3.13.0)
    rspec-mocks (3.13.2)
      diff-lcs (>= 1.2.0, < 2.0)
      rspec-support (~> 3.13.0)
    rspec-support (3.13.1)
    rubocop (1.68.0)
      json (~> 2.3)
      language_server-protocol (>= 3.17.0)
      parallel (~> 1.10)
      parser (>= 3.3.0.2)
      rainbow (>= 2.2.2, < 4.0)
      regexp_parser (>= 2.4, < 3.0)
      rubocop-ast (>= 1.32.2, < 2.0)
      ruby-progressbar (~> 1.7)
      unicode-display_width (>= 2.4.0, < 3.0)
    rubocop-ast (1.36.1)
      parser (>= 3.3.1.0)
    rubocop-rspec (3.2.0)
      rubocop (~> 1.61)
    ruby-progressbar (1.13.0)
    simplecov (0.22.0)
      docile (~> 1.1)
      simplecov-html (~> 0.11)
      simplecov_json_formatter (~> 0.1)
    simplecov-html (0.13.1)
    simplecov_json_formatter (0.1.4)
    sqlite3 (2.2.0-aarch64-linux-gnu)
    sqlite3 (2.2.0-aarch64-linux-musl)
    sqlite3 (2.2.0-arm-linux-gnu)
    sqlite3 (2.2.0-arm-linux-musl)
    sqlite3 (2.2.0-arm64-darwin)
    sqlite3 (2.2.0-x86-linux-gnu)
    sqlite3 (2.2.0-x86-linux-musl)
    sqlite3 (2.2.0-x86_64-darwin)
    sqlite3 (2.2.0-x86_64-linux-gnu)
    sqlite3 (2.2.0-x86_64-linux-musl)
    thor (1.3.2)
    tty-color (0.6.0)
    tty-cursor (0.7.1)
    tty-prompt (0.23.1)
      pastel (~> 0.8)
      tty-reader (~> 0.8)
    tty-reader (0.9.0)
      tty-cursor (~> 0.7)
      tty-screen (~> 0.8)
      wisper (~> 2.0)
    tty-screen (0.8.2)
    unicode-display_width (2.6.0)
    wisper (2.0.1)

PLATFORMS
  aarch64-linux-gnu
  aarch64-linux-musl
  arm-linux-gnu
  arm-linux-musl
  arm64-darwin
  x86-linux-gnu
  x86-linux-musl
  x86_64-darwin
  x86_64-linux-gnu
  x86_64-linux-musl

DEPENDENCIES
  aws-sdk-s3 (~> 1.172)
  base64 (~> 0.2.0)
  csv (~> 3.3.0)
  descriptive_statistics (~> 2.5)
  dotenv (~> 3.1)
  icalendar (~> 2.10.3)
  rake (~> 13.2)
  rspec (~> 3.13)
  rubocop (~> 1.67)
  rubocop-rspec (~> 3.2)
  simplecov (~> 0.22)
  sqlite3 (~> 2.2)
  thor (~> 1.3)
  timet!
  tty-prompt (~> 0.23.1)

BUNDLED WITH
   2.5.18
